PATH
  remote: .
  specs:
    anchor (0.1.0)
      sshkit (~> 1.21.2)

GEM
  remote: https://rubygems.org/
  specs:
    coderay (1.1.3)
    method_source (1.0.0)
    net-scp (3.0.0)
      net-ssh (>= 2.6.5, < 7.0.0)
    net-ssh (6.1.0)
    pry (0.13.1)
      coderay (~> 1.1)
      method_source (~> 1.0)
    rake (13.0.3)
    sshkit (1.21.2)
      net-scp (>= 1.1.2)
      net-ssh (>= 2.8.0)

PLATFORMS
  x86_64-darwin-20

DEPENDENCIES
  anchor!
  pry (~> 0.13.1)
  rake (~> 13.0)

BUNDLED WITH
   2.2.3
