PATH
  remote: .
  specs:
    anchor (1.8.1)
      open_config (~> 2.1)
      sshkit (~> 1.23.1)
      thor (~> 1.3.2)

GEM
  remote: https://rubygems.org/
  specs:
    base64 (0.2.0)
    net-scp (3.0.0)
      net-ssh (>= 2.6.5, < 7.0.0)
    net-sftp (4.0.0)
      net-ssh (>= 5.0.0, < 8.0.0)
    net-ssh (6.1.0)
    open_config (2.1.0)
    ostruct (0.6.0)
    sshkit (1.23.1)
      base64
      net-scp (>= 1.1.2)
      net-sftp (>= 2.1.2)
      net-ssh (>= 2.8.0)
      ostruct
    thor (1.3.2)

PLATFORMS
  arm64-darwin-21
  arm64-darwin-22
  arm64-darwin-23

DEPENDENCIES
  anchor!

BUNDLED WITH
   2.4.7
