PATH
  remote: .
  specs:
    anchor (1.2.0)
      open_config (~> 2.0)
      sshkit (~> 1.21.2)
      thor (~> 1.1.0)

GEM
  remote: https://rubygems.org/
  specs:
    coderay (1.1.3)
    method_source (1.0.0)
    net-scp (3.0.0)
      net-ssh (>= 2.6.5, < 7.0.0)
    net-ssh (6.1.0)
    open_config (2.0.0)
    pry (0.13.1)
      coderay (~> 1.1)
      method_source (~> 1.0)
    sshkit (1.21.2)
      net-scp (>= 1.1.2)
      net-ssh (>= 2.8.0)
    thor (1.1.0)

PLATFORMS
  arm64-darwin-21

DEPENDENCIES
  anchor!
  pry (~> 0.13.1)

BUNDLED WITH
   2.3.7
