PATH
  remote: .
  specs:
    anchor (1.7.0)
      open_config (~> 2.0)
      sshkit (~> 1.21.2)
      thor (~> 1.1.0)

GEM
  remote: https://rubygems.org/
  specs:
    net-scp (3.0.0)
      net-ssh (>= 2.6.5, < 7.0.0)
    net-ssh (6.1.0)
    open_config (2.0.0)
    sshkit (1.21.2)
      net-scp (>= 1.1.2)
      net-ssh (>= 2.8.0)
    thor (1.1.0)

PLATFORMS
  arm64-darwin-21
  arm64-darwin-22

DEPENDENCIES
  anchor!

BUNDLED WITH
   2.4.7
